GIT
  remote: https://github.com/eventmachine/eventmachine.git
  revision: 9cb13a8a62363df5ebcc414169a3deb2c1608528
  tag: v1.2.7
  specs:
    eventmachine (1.2.7)

GEM
  remote: http://rubygems.org/
  specs:
    actionpack (6.1.7.6)
      actionview (= 6.1.7.6)
      activesupport (= 6.1.7.6)
      rack (~> 2.0, >= 2.0.9)
      rack-test (>= 0.6.3)
      rails-dom-testing (~> 2.0)
      rails-html-sanitizer (~> 1.0, >= 1.2.0)
    actionview (6.1.7.6)
      activesupport (= 6.1.7.6)
      builder (~> 3.1)
      erubi (~> 1.4)
      rails-dom-testing (~> 2.0)
      rails-html-sanitizer (~> 1.1, >= 1.2.0)
    activesupport (6.1.7.6)
      concurrent-ruby (~> 1.0, >= 1.0.2)
      i18n (>= 1.6, < 2)
      minitest (>= 5.1)
      tzinfo (~> 2.0)
      zeitwerk (~> 2.3)
    appium_console (3.0.0)
      appium_lib (= 12.0.0)
      pry (~> 0.14.0)
      spec (~> 5.3, >= 5.3.1)
      thor (>= 0.19, < 2.0)
    appium_lib (12.0.0)
      appium_lib_core (~> 5.0.0)
      nokogiri (~> 1.8, >= 1.8.1)
      tomlrb (>= 1.1, < 3.0)
    appium_lib_core (5.0.3)
      faye-websocket (~> 0.11.0)
      selenium-webdriver (~> 4.0)
    ast (2.4.2)
    browserstack-local (1.4.2)
    builder (3.2.4)
    childprocess (4.1.0)
    chronic_duration (0.10.6)
      numerizer (~> 0.1.1)
    chunky_png (1.4.0)
    coderay (1.1.3)
    concurrent-ruby (1.2.2)
    crass (1.0.6)
    cucumber (8.0.0)
      builder (~> 3.2, >= 3.2.4)
      cucumber-ci-environment (~> 9.0, >= 9.0.4)
      cucumber-core (~> 11.0, >= 11.0.0)
      cucumber-cucumber-expressions (~> 15.1, >= 15.1.1)
      cucumber-gherkin (~> 23.0, >= 23.0.1)
      cucumber-html-formatter (~> 19.1, >= 19.1.0)
      cucumber-messages (~> 18.0, >= 18.0.0)
      diff-lcs (~> 1.5, >= 1.5.0)
      mime-types (~> 3.4, >= 3.4.1)
      multi_test (~> 1.1, >= 1.1.0)
      sys-uname (~> 1.2, >= 1.2.2)
    cucumber-ci-environment (9.2.0)
    cucumber-core (11.0.0)
      cucumber-gherkin (~> 23.0, >= 23.0.1)
      cucumber-messages (~> 18.0, >= 18.0.0)
      cucumber-tag-expressions (~> 4.1, >= 4.1.0)
    cucumber-cucumber-expressions (15.2.0)
    cucumber-gherkin (23.0.1)
      cucumber-messages (~> 18.0, >= 18.0.0)
    cucumber-html-formatter (19.2.0)
      cucumber-messages (~> 18.0, >= 18.0.0)
    cucumber-messages (18.0.0)
    cucumber-tag-expressions (4.1.0)
    diff-lcs (1.5.0)
    dotenv (2.8.1)
    dotenv-rails (2.8.1)
      dotenv (= 2.8.1)
      railties (>= 3.2)
    erubi (1.12.0)
    faker (2.22.0)
      i18n (>= 1.8.11, < 2)
    faye-websocket (0.11.3)
      eventmachine (>= 0.12.0)
      websocket-driver (>= 0.5.1)
    ffi (1.15.5-x64-mingw32)
    httparty (0.21.0)
      mini_mime (>= 1.0.0)
      multi_xml (>= 0.5.2)
    i18n (1.14.1)
      concurrent-ruby (~> 1.0)
    json (2.6.3)
    loofah (2.21.3)
      crass (~> 1.0.2)
      nokogiri (>= 1.12.0)
    method_source (1.0.0)
    mime-types (3.5.1)
      mime-types-data (~> 3.2015)
    mime-types-data (3.2023.0808)
    mini_mime (1.1.5)
    minitest (5.19.0)
    multi_test (1.1.0)
    multi_xml (0.6.0)
    nokogiri (1.13.10-x64-mingw32)
      racc (~> 1.4)
    numerizer (0.1.1)
    parallel (1.23.0)
    parser (3.2.2.3)
      ast (~> 2.4.1)
      racc
    pry (0.14.2)
      coderay (~> 1.1)
      method_source (~> 1.0)
    racc (1.7.1)
    rack (2.2.8)
    rack-test (2.1.0)
      rack (>= 1.3)
    rails-dom-testing (2.2.0)
      activesupport (>= 5.0.0)
      minitest
      nokogiri (>= 1.6)
    rails-html-sanitizer (1.5.0)
      loofah (~> 2.19, >= 2.19.1)
    railties (6.1.7.6)
      actionpack (= 6.1.7.6)
      activesupport (= 6.1.7.6)
      method_source
      rake (>= 12.2)
      thor (~> 1.0)
    rainbow (3.1.1)
    rake (13.0.6)
    regexp_parser (2.8.1)
    report_builder (1.9)
      json (>= 2.3.0)
    rexml (3.2.6)
    rspec (3.12.0)
      rspec-core (~> 3.12.0)
      rspec-expectations (~> 3.12.0)
      rspec-mocks (~> 3.12.0)
    rspec-core (3.12.2)
      rspec-support (~> 3.12.0)
    rspec-expectations (3.12.3)
      diff-lcs (>= 1.2.0, < 2.0)
      rspec-support (~> 3.12.0)
    rspec-mocks (3.12.6)
      diff-lcs (>= 1.2.0, < 2.0)
      rspec-support (~> 3.12.0)
    rspec-support (3.12.1)
    rubocop (1.50.2)
      json (~> 2.3)
      parallel (~> 1.10)
      parser (>= 3.2.0.0)
      rainbow (>= 2.2.2, < 4.0)
      regexp_parser (>= 1.8, < 3.0)
      rexml (>= 3.2.5, < 4.0)
      rubocop-ast (>= 1.28.0, < 2.0)
      ruby-progressbar (~> 1.7)
      unicode-display_width (>= 2.4.0, < 3.0)
    rubocop-ast (1.29.0)
      parser (>= 3.2.1.0)
    ruby-progressbar (1.13.0)
    rubyzip (2.3.2)
    selenium-cucumber (3.1.5)
      appium_lib (>= 8.0.2)
      chunky_png (>= 1.3.5)
      cucumber (>= 2.3.0)
      rspec (>= 3.4.0)
      selenium-webdriver (>= 2.53.0)
    selenium-webdriver (4.1.0)
      childprocess (>= 0.5, < 5.0)
      rexml (~> 3.2, >= 3.2.5)
      rubyzip (>= 1.2.2)
    spec (5.3.4)
      chronic_duration (~> 0.10.2)
    sys-uname (1.2.3)
      ffi (~> 1.1)
    thor (1.2.2)
    tomlrb (2.0.3)
    tzinfo (2.0.6)
      concurrent-ruby (~> 1.0)
    unicode-display_width (2.4.2)
    webrick (1.8.1)
    websocket-driver (0.7.6)
      websocket-extensions (>= 0.1.0)
    websocket-extensions (0.1.5)
    zeitwerk (2.6.11)

PLATFORMS
  x64-mingw32

DEPENDENCIES
  appium_console
  appium_lib
  browserstack-local
  cucumber
  dotenv-rails
  eventmachine (= 1.2.7)!
  faker
  httparty
  pry
  rake
  report_builder
  rspec
  rubocop
  selenium-cucumber
  selenium-webdriver
  webrick (~> 1.7)

BUNDLED WITH
   2.4.19
